FRAMEWORK: >= NET45
NUGET
  remote: https://www.nuget.org/api/v2
    Expression.Blend.Sdk (1.0.2)
    FSharp.ViewModule.Core (0.9.9.1)
    FsXaml.Wpf (0.9.9)
      Expression.Blend.Sdk (>= 1.0.2)
